GEM
  remote: https://rubygems.org/
  specs:
    amq-protocol (2.3.0)
    amqp (1.8.0)
      amq-protocol (>= 2.2.0)
      eventmachine
    bunny (2.13.0)
      amq-protocol (~> 2.3, >= 2.3.0)
    clamp (1.3.0)
    diff-lcs (1.3)
    em-websocket (0.5.1)
      eventmachine (>= 0.12.9)
      http_parser.rb (~> 0.6.0)
    eventmachine (1.2.7)
    faye-websocket (0.10.7)
      eventmachine (>= 0.12.0)
      websocket-driver (>= 0.5.1)
    http_parser.rb (0.6.0)
    jwt (2.1.0)
    mysql2 (0.5.2)
    peatio (0.4.4)
      amqp
      bunny
      clamp
      em-websocket
      eventmachine
      jwt
      mysql2
    rbtree (0.4.2)
    rspec (3.8.0)
      rspec-core (~> 3.8.0)
      rspec-expectations (~> 3.8.0)
      rspec-mocks (~> 3.8.0)
    rspec-core (3.8.0)
      rspec-support (~> 3.8.0)
    rspec-expectations (3.8.2)
      diff-lcs (>= 1.2.0, < 2.0)
      rspec-support (~> 3.8.0)
    rspec-mocks (3.8.0)
      diff-lcs (>= 1.2.0, < 2.0)
      rspec-support (~> 3.8.0)
    rspec-support (3.8.0)
    websocket-driver (0.7.0)
      websocket-extensions (>= 0.1.0)
    websocket-extensions (0.1.3)

PLATFORMS
  ruby

DEPENDENCIES
  clamp
  eventmachine
  faye-websocket
  peatio
  rbtree (~> 0.4)
  rspec (~> 3.0)

BUNDLED WITH
   1.17.1
