GEM
  remote: https://rubygems.org/
  specs:
    addressable (2.6.0)
      public_suffix (>= 2.0.2, < 4.0)
    amq-protocol (2.3.0)
    amqp (1.8.0)
      amq-protocol (>= 2.2.0)
      eventmachine
    bunny (2.13.0)
      amq-protocol (~> 2.3, >= 2.3.0)
    clamp (1.3.0)
    coderay (1.1.2)
    crack (0.4.3)
      safe_yaml (~> 1.0.0)
    diff-lcs (1.3)
    em-websocket (0.5.1)
      eventmachine (>= 0.12.9)
      http_parser.rb (~> 0.6.0)
    ethon (0.12.0)
      ffi (>= 1.3.0)
    eventmachine (1.2.7)
    faraday (0.15.4)
      multipart-post (>= 1.2, < 3)
    faye-websocket (0.10.7)
      eventmachine (>= 0.12.0)
      websocket-driver (>= 0.5.1)
    ffi (1.10.0)
    hashdiff (0.3.8)
    http_parser.rb (0.6.0)
    json (2.1.0)
    jwt (2.1.0)
    method_source (0.9.2)
    multipart-post (2.0.0)
    mysql2 (0.5.2)
    peatio (0.4.5)
      amqp
      bunny
      clamp
      em-websocket
      eventmachine
      jwt
      mysql2
    pry (0.12.2)
      coderay (~> 1.1.0)
      method_source (~> 0.9.0)
    public_suffix (3.0.3)
    rbtree (0.4.2)
    rspec (3.8.0)
      rspec-core (~> 3.8.0)
      rspec-expectations (~> 3.8.0)
      rspec-mocks (~> 3.8.0)
    rspec-core (3.8.0)
      rspec-support (~> 3.8.0)
    rspec-expectations (3.8.2)
      diff-lcs (>= 1.2.0, < 2.0)
      rspec-support (~> 3.8.0)
    rspec-mocks (3.8.0)
      diff-lcs (>= 1.2.0, < 2.0)
      rspec-support (~> 3.8.0)
    rspec-support (3.8.0)
    safe_yaml (1.0.4)
    typhoeus (1.3.1)
      ethon (>= 0.9.0)
    webmock (3.5.1)
      addressable (>= 2.3.6)
      crack (>= 0.3.2)
      hashdiff
    websocket-driver (0.7.0)
      websocket-extensions (>= 0.1.0)
    websocket-extensions (0.1.3)

PLATFORMS
  ruby

DEPENDENCIES
  clamp
  eventmachine
  faraday
  faye-websocket
  json (~> 2.1)
  peatio
  pry
  rbtree (~> 0.4)
  rspec (~> 3.0)
  typhoeus (>= 1.0.1)
  webmock

RUBY VERSION
   ruby 2.6.1p33

BUNDLED WITH
   2.0.1
